GIT
  remote: https://github.com/Shopify/capistrano-ejson
  revision: 51665d2dc7c71a7a3ad19070be993582f19b949b
  ref: 51665d2dc7c71a7a3ad19070be993582f19b949b
  specs:
    capistrano-ejson (1.0.1)
      capistrano (~> 3.1)
      ejson (~> 1.0, >= 1.0.0)

PATH
  remote: .
  specs:
    linecook-gem (0.7.36)
      activesupport (= 4.2.5)
      aws-sdk (~> 2.3)
      docker-api (~> 1.29, >= 1.29.0)
      ejson (= 1.0.1)
      kitchen-docker (~> 2.5, >= 2.5.0)
      kitchen-transport-docker (~> 0.0.2, >= 0.0.0)
      rbnacl (~> 3.4, >= 3.4.0)
      rbnacl-libsodium (~> 1.0, >= 1.0.0)
      ruby-progressbar (~> 1.7)
      rubyzip (= 1.1.7)
      test-kitchen (= 1.9.0)

GEM
  remote: https://rubygems.org/
  specs:
    activesupport (4.2.5)
      i18n (~> 0.7)
      json (~> 1.7, >= 1.7.7)
      minitest (~> 5.1)
      thread_safe (~> 0.3, >= 0.3.4)
      tzinfo (~> 1.1)
    artifactory (2.8.1)
    aws-sdk (2.10.25)
      aws-sdk-resources (= 2.10.25)
    aws-sdk-core (2.10.25)
      aws-sigv4 (~> 1.0)
      jmespath (~> 1.0)
    aws-sdk-resources (2.10.25)
      aws-sdk-core (= 2.10.25)
    aws-sigv4 (1.0.1)
    binman (4.0.0)
      opener (>= 0.1.0, < 1)
    capistrano (3.4.0)
      i18n
      rake (>= 10.0.0)
      sshkit (~> 1.3)
    capistrano-bundler (1.1.4)
      capistrano (~> 3.1)
      sshkit (~> 1.2)
    coderay (1.1.1)
    colorize (0.7.7)
    diff-lcs (1.2.5)
    docile (1.1.5)
    docker-api (1.33.6)
      excon (>= 0.38.0)
      json
    ejson (1.0.1)
    excon (0.58.0)
    ffi (1.9.18)
    i18n (0.7.0)
    jmespath (1.3.1)
    json (1.8.3)
    kitchen-docker (2.6.0)
      test-kitchen (>= 1.0.0)
    kitchen-transport-docker (0.0.4)
      test-kitchen (>= 1.0.0)
    md2man (4.0.0)
      binman (~> 4.0)
      redcarpet (~> 3.0)
    method_source (0.8.2)
    minitest (5.10.3)
    mixlib-install (1.2.4)
      artifactory
      mixlib-shellout
      mixlib-versioning
    mixlib-shellout (2.2.7)
    mixlib-versioning (1.1.0)
    net-scp (1.2.1)
      net-ssh (>= 2.6.5)
    net-ssh (2.9.2)
    opener (0.1.0)
    pry (0.10.3)
      coderay (~> 1.1.0)
      method_source (~> 0.8.1)
      slop (~> 3.4)
    rake (10.4.2)
    rbnacl (3.4.0)
      ffi
    rbnacl-libsodium (1.0.11)
      rbnacl (>= 3.0.1)
    redcarpet (3.6.0)
    rspec (3.4.0)
      rspec-core (~> 3.4.0)
      rspec-expectations (~> 3.4.0)
      rspec-mocks (~> 3.4.0)
    rspec-core (3.4.4)
      rspec-support (~> 3.4.0)
    rspec-expectations (3.4.0)
      diff-lcs (>= 1.2.0, < 2.0)
      rspec-support (~> 3.4.0)
    rspec-mocks (3.4.1)
      diff-lcs (>= 1.2.0, < 2.0)
      rspec-support (~> 3.4.0)
    rspec-support (3.4.1)
    ruby-progressbar (1.8.1)
    rubyzip (1.1.7)
    safe_yaml (1.0.4)
    simplecov (0.10.0)
      docile (~> 1.1.0)
      json (~> 1.8)
      simplecov-html (~> 0.10.0)
    simplecov-html (0.10.0)
    slop (3.6.0)
    sshkit (1.7.1)
      colorize (>= 0.7.0)
      net-scp (>= 1.1.2)
      net-ssh (>= 2.8.0)
    test-kitchen (1.9.0)
      mixlib-install (~> 1.0, >= 1.0.4)
      mixlib-shellout (>= 1.2, < 3.0)
      net-scp (~> 1.1)
      net-ssh (>= 2.9, < 4.0)
      safe_yaml (~> 1.0)
      thor (~> 0.18)
    thor (0.19.4)
    thread_safe (0.3.6)
    tzinfo (1.2.3)
      thread_safe (~> 0.1)

PLATFORMS
  ruby

DEPENDENCIES
  capistrano (~> 3.4)
  capistrano-bundler
  capistrano-ejson!
  linecook-gem!
  md2man (= 4.0.0)
  pry (~> 0.10)
  rake (= 10.4.2)
  rspec (= 3.4.0)
  simplecov (= 0.10.0)

BUNDLED WITH
   1.15.1
