GIT
  remote: https://github.com/Shopify/capistrano-ejson
  revision: 51665d2dc7c71a7a3ad19070be993582f19b949b
  ref: 51665d2dc7c71a7a3ad19070be993582f19b949b
  specs:
    capistrano-ejson (1.0.1)
      capistrano (~> 3.1)
      ejson (~> 1.0, >= 1.0.0)

PATH
  remote: .
  specs:
    linecook-gem (0.6.2)
      activesupport (= 4.2.5)
      aws-sdk (= 2.2.4)
      chef-provisioner (= 0.1.4)
      chefdepartie (= 0.1.1)
      ejson (= 1.0.1)
      encryptor (= 1.3.0)
      ipaddress (= 0.8.0)
      octokit (= 4.2.0)
      rbnacl (= 3.2.0)
      rbnacl-libsodium (= 1.0.7)
      ruby-progressbar (= 1.7.5)
      rubyzip (= 1.1.7)
      sshkey (= 1.8.0)
      sshkit (= 1.7.1)
      xhyve-ruby (= 0.0.6)

GEM
  remote: https://rubygems.org/
  specs:
    activesupport (4.2.5)
      i18n (~> 0.7)
      json (~> 1.7, >= 1.7.7)
      minitest (~> 5.1)
      thread_safe (~> 0.3, >= 0.3.4)
      tzinfo (~> 1.1)
    addressable (2.3.8)
    aws-sdk (2.2.4)
      aws-sdk-resources (= 2.2.4)
    aws-sdk-core (2.2.4)
      jmespath (~> 1.0)
    aws-sdk-resources (2.2.4)
      aws-sdk-core (= 2.2.4)
    binman (4.0.0)
      opener (>= 0.1.0, < 1)
    builder (3.2.2)
    capistrano (3.4.0)
      i18n
      rake (>= 10.0.0)
      sshkit (~> 1.3)
    capistrano-bundler (1.1.4)
      capistrano (~> 3.1)
      sshkit (~> 1.2)
    chef (12.5.1)
      chef-config (= 12.5.1)
      chef-zero (~> 4.2, >= 4.2.2)
      diff-lcs (~> 1.2, >= 1.2.4)
      erubis (~> 2.7)
      ffi-yajl (~> 2.2)
      highline (~> 1.6, >= 1.6.9)
      mixlib-authentication (~> 1.3)
      mixlib-cli (~> 1.4)
      mixlib-log (~> 1.3)
      mixlib-shellout (~> 2.0)
      net-ssh (~> 2.6)
      net-ssh-multi (~> 1.1)
      ohai (>= 8.6.0.alpha.1, < 9)
      plist (~> 3.1.0)
      pry (~> 0.9)
      rspec-core (~> 3.2)
      rspec-expectations (~> 3.2)
      rspec-mocks (~> 3.2)
      rspec_junit_formatter (~> 0.2.0)
      serverspec (~> 2.7)
      specinfra (~> 2.10)
      syslog-logger (~> 1.6)
    chef-api (0.5.0)
      logify (~> 0.1)
      mime-types
    chef-config (12.5.1)
      mixlib-config (~> 2.0)
      mixlib-shellout (~> 2.0)
    chef-provisioner (0.1.4)
      chef-api (= 0.5.0)
      erubis (= 2.7)
    chef-zero (4.4.2)
      ffi-yajl (~> 2.2)
      hashie (>= 2.0, < 4.0)
      mixlib-log (~> 1.3)
      rack
      uuidtools (~> 2.1)
    chefdepartie (0.1.1)
      chef (~> 12.4, >= 12.4.3)
      chef-zero (~> 4.2, >= 4.2.2)
      cityhash (~> 0.8.1)
      librarian-chef (~> 0.0.4)
    cityhash (0.8.1)
    coderay (1.1.0)
    colorize (0.7.7)
    diff-lcs (1.2.5)
    docile (1.1.5)
    ejson (1.0.1)
    encryptor (1.3.0)
    erubis (2.7.0)
    faraday (0.9.2)
      multipart-post (>= 1.2, < 3)
    ffi (1.9.10)
    ffi-yajl (2.2.3)
      libyajl2 (~> 1.2)
    hashie (3.4.3)
    highline (1.7.8)
    i18n (0.7.0)
    ipaddress (0.8.0)
    jmespath (1.1.3)
    json (1.8.3)
    librarian (0.1.2)
      highline
      thor (~> 0.15)
    librarian-chef (0.0.4)
      chef (>= 0.10)
      librarian (~> 0.1.0)
      minitar (>= 0.5.2)
    libyajl2 (1.2.0)
    logify (0.2.0)
    md2man (4.0.0)
      binman (~> 4.0)
      redcarpet (~> 3.0)
    method_source (0.8.2)
    mime-types (3.0)
      mime-types-data (~> 3.2015)
    mime-types-data (3.2015.1120)
    minitar (0.5.4)
    minitest (5.8.3)
    mixlib-authentication (1.3.0)
      mixlib-log
    mixlib-cli (1.5.0)
    mixlib-config (2.2.1)
    mixlib-log (1.6.0)
    mixlib-shellout (2.2.5)
    multi_json (1.11.2)
    multipart-post (2.0.0)
    net-scp (1.2.1)
      net-ssh (>= 2.6.5)
    net-ssh (2.9.2)
    net-ssh-gateway (1.2.0)
      net-ssh (>= 2.6.5)
    net-ssh-multi (1.2.1)
      net-ssh (>= 2.6.5)
      net-ssh-gateway (>= 1.2.0)
    net-telnet (0.1.1)
    octokit (4.2.0)
      sawyer (~> 0.6.0, >= 0.5.3)
    ohai (8.8.1)
      chef-config (>= 12.5.0.alpha.1, < 13)
      ffi (~> 1.9)
      ffi-yajl (~> 2.2)
      ipaddress
      mixlib-cli
      mixlib-config (~> 2.0)
      mixlib-log
      mixlib-shellout (~> 2.0)
      rake (~> 10.1)
      systemu (~> 2.6.4)
      wmi-lite (~> 1.0)
    opener (0.1.0)
    plist (3.1.0)
    pry (0.10.3)
      coderay (~> 1.1.0)
      method_source (~> 0.8.1)
      slop (~> 3.4)
    rack (1.6.4)
    rake (10.4.2)
    rbnacl (3.2.0)
      ffi
    rbnacl-libsodium (1.0.7)
      rbnacl (~> 3.0, >= 3.0.1)
    redcarpet (3.3.3)
    rspec (3.2.0)
      rspec-core (~> 3.2.0)
      rspec-expectations (~> 3.2.0)
      rspec-mocks (~> 3.2.0)
    rspec-core (3.2.3)
      rspec-support (~> 3.2.0)
    rspec-expectations (3.2.1)
      diff-lcs (>= 1.2.0, < 2.0)
      rspec-support (~> 3.2.0)
    rspec-its (1.2.0)
      rspec-core (>= 3.0.0)
      rspec-expectations (>= 3.0.0)
    rspec-mocks (3.2.1)
      diff-lcs (>= 1.2.0, < 2.0)
      rspec-support (~> 3.2.0)
    rspec-support (3.2.2)
    rspec_junit_formatter (0.2.3)
      builder (< 4)
      rspec-core (>= 2, < 4, != 2.12.0)
    ruby-progressbar (1.7.5)
    rubyzip (1.1.7)
    sawyer (0.6.0)
      addressable (~> 2.3.5)
      faraday (~> 0.8, < 0.10)
    serverspec (2.29.1)
      multi_json
      rspec (~> 3.0)
      rspec-its
      specinfra (~> 2.48)
    sfl (2.2)
    simplecov (0.10.0)
      docile (~> 1.1.0)
      json (~> 1.8)
      simplecov-html (~> 0.10.0)
    simplecov-html (0.10.0)
    slop (3.6.0)
    specinfra (2.50.1)
      net-scp
      net-ssh (>= 2.7, < 3.1)
      net-telnet
      sfl
    sshkey (1.8.0)
    sshkit (1.7.1)
      colorize (>= 0.7.0)
      net-scp (>= 1.1.2)
      net-ssh (>= 2.8.0)
    syslog-logger (1.6.8)
    systemu (2.6.5)
    thor (0.19.1)
    thread_safe (0.3.5)
    tzinfo (1.2.2)
      thread_safe (~> 0.1)
    uuidtools (2.1.5)
    wmi-lite (1.0.0)
    xhyve-ruby (0.0.6)

PLATFORMS
  ruby

DEPENDENCIES
  capistrano (~> 3.4)
  capistrano-bundler
  capistrano-ejson!
  linecook-gem!
  md2man (= 4.0.0)
  rake (= 10.4.2)
  rspec (= 3.2.0)
  simplecov (= 0.10.0)

BUNDLED WITH
   1.11.0.pre.1
